GEM
  remote: https://rubygems.org/
  specs:
    benchmark-plot (0.1.1)
      gruff
    diff-lcs (1.3)
    gruff (0.7.0)
      rmagick (~> 2.13, >= 2.13.4)
    rantly (2.0.0)
    rmagick (2.16.0)
    rspec (3.8.0)
      rspec-core (~> 3.8.0)
      rspec-expectations (~> 3.8.0)
      rspec-mocks (~> 3.8.0)
    rspec-core (3.8.0)
      rspec-support (~> 3.8.0)
    rspec-expectations (3.8.3)
      diff-lcs (>= 1.2.0, < 2.0)
      rspec-support (~> 3.8.0)
    rspec-mocks (3.8.0)
      diff-lcs (>= 1.2.0, < 2.0)
      rspec-support (~> 3.8.0)
    rspec-support (3.8.0)

PLATFORMS
  ruby

DEPENDENCIES
  benchmark-plot
  rantly
  rspec

BUNDLED WITH
   2.0.1
